GEM
  remote: https://rubygems.org/
  specs:
    coderay (1.1.3)
    httparty (0.21.0)
      mini_mime (>= 1.0.0)
      multi_xml (>= 0.5.2)
    method_source (1.0.0)
    mini_mime (1.1.2)
    multi_xml (0.6.0)
    pry (0.14.2)
      coderay (~> 1.1)
      method_source (~> 1.0)

PLATFORMS
  aarch64-linux
  arm64-darwin-22

DEPENDENCIES
  httparty
  pry

RUBY VERSION
   ruby 3.2.0p0

BUNDLED WITH
   2.4.5
